GEM
  remote: http://rubygems.org/
  specs:
    crack (0.1.8)
    diff-lcs (1.1.2)
    git (1.2.5)
    hashie (1.0.0)
    httpi (0.9.0)
      ntlm-http (>= 0.1.1)
      rack
    jeweler (1.5.2)
      bundler (~> 1.0.0)
      git (>= 1.2.5)
      rake
    nokogiri (1.4.4)
    ntlm-http (0.1.1)
    rack (1.2.1)
    rake (0.8.7)
    rcov (0.9.9)
    rspec (2.3.0)
      rspec-core (~> 2.3.0)
      rspec-expectations (~> 2.3.0)
      rspec-mocks (~> 2.3.0)
    rspec-core (2.3.1)
    rspec-expectations (2.3.0)
      diff-lcs (~> 1.1.2)
    rspec-mocks (2.3.0)
    yard (0.6.4)

PLATFORMS
  ruby

DEPENDENCIES
  bundler (~> 1.0.0)
  crack
  hashie
  httpi
  jeweler (~> 1.5.2)
  nokogiri
  rcov
  rspec (~> 2.3.0)
  yard (~> 0.6.0)
